GEM
  remote: https://rubygems.org/
  specs:
    kramdown (2.4.0)
      rexml
    pastel (0.8.0)
      tty-color (~> 0.5)
    rexml (3.2.6)
    rouge (4.2.0)
    strings (0.2.1)
      strings-ansi (~> 0.2)
      unicode-display_width (>= 1.5, < 3.0)
      unicode_utils (~> 1.4)
    strings-ansi (0.2.0)
    tty-color (0.6.0)
    tty-command (0.10.1)
      pastel (~> 0.8)
    tty-cursor (0.7.1)
    tty-font (0.5.0)
    tty-link (0.1.1)
    tty-markdown (0.7.2)
      kramdown (>= 1.16.2, < 3.0)
      pastel (~> 0.8)
      rouge (>= 3.14, < 5.0)
      strings (~> 0.2.0)
      tty-color (~> 0.5)
      tty-screen (~> 0.8)
    tty-option (0.3.0)
    tty-progressbar (0.18.2)
      strings-ansi (~> 0.2)
      tty-cursor (~> 0.7)
      tty-screen (~> 0.8)
      unicode-display_width (>= 1.6, < 3.0)
    tty-screen (0.8.2)
    unicode-display_width (2.5.0)
    unicode_utils (1.4.0)

PLATFORMS
  ruby
  x86_64-darwin-23

DEPENDENCIES
  pastel (~> 0.8.0)
  tty-command (~> 0.10.1)
  tty-font (~> 0.5.0)
  tty-link (~> 0.1.1)
  tty-markdown (~> 0.7.2)
  tty-option (~> 0.3.0)
  tty-progressbar (~> 0.18.2)

BUNDLED WITH
   2.5.6
